GIT
  remote: https://github.com/mdz/ruby-trello
  revision: d0cbfa358cfb94f057b9b37a89f5ce71b6651155
  specs:
    ruby-trello (0.4.3)
      activemodel
      addressable (~> 2.3)
      json
      oauth (~> 0.4.5)
      rest-client (~> 1.6.7)

GEM
  remote: https://rubygems.org/
  specs:
    activemodel (3.2.8)
      activesupport (= 3.2.8)
      builder (~> 3.0.0)
    activesupport (3.2.8)
      i18n (~> 0.6)
      multi_json (~> 1.0)
    addressable (2.3.2)
    builder (3.0.3)
    dotenv (0.10.0)
    i18n (0.6.1)
    json (1.7.5)
    mime-types (1.19)
    multi_json (1.3.6)
    oauth (0.4.7)
    rest-client (1.6.7)
      mime-types (>= 1.16)

PLATFORMS
  ruby

DEPENDENCIES
  dotenv
  ruby-trello!
